PATH
  remote: .
  specs:
    habaki (0.5.0)

GEM
  remote: http://rubygems.org/
  specs:
    docile (1.3.5)
    mini_portile2 (2.4.0)
    minitest (5.14.4)
    nokogiri (1.10.10)
      mini_portile2 (~> 2.4.0)
    rake (10.5.0)
    rake-compiler (1.1.1)
      rake
    ruby-prof (1.4.2)
    simplecov (0.18.5)
      docile (~> 1.1)
      simplecov-html (~> 0.11)
    simplecov-html (0.12.3)

PLATFORMS
  ruby

DEPENDENCIES
  bundler (~> 1.14)
  habaki!
  minitest (~> 5.0)
  nokogiri
  rake (~> 10.0)
  rake-compiler
  ruby-prof
  simplecov

BUNDLED WITH
   1.17.3
